GIT
  remote: https://github.com/C453/acid.git
  revision: 40ccfe17ef26a4048eb8d1852ae4105a80a77e64
  specs:
    acid (0.1)
      colorize

PATH
  remote: .
  specs:
    lysergide (0.1)
      coffee
      sinatra
      thin

GEM
  remote: https://rubygems.org/
  specs:
    coffee (0.0.5)
      httparty
      json_pure
      thor
    colorize (0.7.3)
    daemons (1.1.9)
    eventmachine (1.0.3)
    eventmachine (1.0.3-x86-mingw32)
    httparty (0.13.3)
      json (~> 1.8)
      multi_xml (>= 0.5.2)
    json (1.8.1)
    json_pure (1.8.1)
    multi_xml (0.5.5)
    rack (1.5.2)
    rack-protection (1.5.3)
      rack
    sinatra (1.4.5)
      rack (~> 1.4)
      rack-protection (~> 1.4)
      tilt (~> 1.3, >= 1.3.4)
    thin (1.6.3)
      daemons (~> 1.0, >= 1.0.9)
      eventmachine (~> 1.0)
      rack (~> 1.0)
    thor (0.19.1)
    tilt (1.4.1)

PLATFORMS
  ruby
  x86-mingw32

DEPENDENCIES
  acid!
  coffee
  lysergide!
  sinatra
  thin
